GIT
  remote: https://github.com/sinatra/sinatra.git
  revision: 029e27dfb63dd0084a56660030a52271db23a1fe
  specs:
    rack-protection (3.0.0)
      rack
    sinatra (3.0.0)
      mustermann (~> 1.0)
      rack (~> 2.2)
      rack-protection (= 3.0.0)
      tilt (~> 2.0)

GEM
  remote: https://rubygems.org/
  specs:
    activesupport (5.2.3)
      concurrent-ruby (~> 1.0, >= 1.0.2)
      i18n (>= 0.7, < 2)
      minitest (~> 5.1)
      tzinfo (~> 1.1)
    awesome_print (1.8.0)
    builder (3.2.3)
    concurrent-ruby (1.1.5)
    faraday (0.15.4)
      multipart-post (>= 1.2, < 3)
    git (1.5.0)
    i18n (1.6.0)
      concurrent-ruby (~> 1.0)
    iiif-presentation (0.2.0)
      activesupport (>= 3.2.18)
      faraday (>= 0.9)
      json
    json (2.2.0)
    mini_portile2 (2.8.0)
    minitest (5.11.3)
    multipart-post (2.0.0)
    mustermann (1.1.1)
      ruby2_keywords (~> 0.0.1)
    nokogiri (1.13.6)
      mini_portile2 (~> 2.8.0)
      racc (~> 1.4)
    racc (1.6.0)
    rack (2.2.3)
    rsolr (2.2.1)
      builder (>= 2.1.2)
      faraday (>= 0.9.0)
    ruby2_keywords (0.0.5)
    thread_safe (0.3.6)
    tilt (2.0.10)
    tzinfo (1.2.5)
      thread_safe (~> 0.1)

PLATFORMS
  ruby

DEPENDENCIES
  awesome_print
  git
  iiif-presentation
  nokogiri
  rsolr
  sinatra!

BUNDLED WITH
   1.17.2
